PATH
  remote: .
  specs:
    time_spent (0.1.0)

GEM
  remote: https://rubygems.org/
  specs:
    minitest (5.17.0)
    rake (13.0.6)

PLATFORMS
  x64-mingw32
  x86_64-linux

DEPENDENCIES
  minitest (~> 5.0)
  rake (~> 13.0)
  time_spent!

BUNDLED WITH
   2.4.5
